GEM
  remote: https://rubygems.org/
  specs:
    base64 (0.2.0)
    bigdecimal (3.1.6)
    dotenv (3.1.0)
    mustermann (3.0.0)
      ruby2_keywords (~> 0.0.1)
    nio4r (2.7.0)
    oj (3.16.3)
      bigdecimal (>= 3.0)
    parallel (1.24.0)
    pg (1.5.6)
    puma (6.4.2)
      nio4r (~> 2.0)
    rack (3.0.9.1)
    rack-protection (4.0.0)
      base64 (>= 0.1.0)
      rack (>= 3.0.0, < 4)
    rack-session (2.0.0)
      rack (>= 3.0.0)
    ruby2_keywords (0.0.5)
    sequel (5.78.0)
      bigdecimal
    sinatra (4.0.0)
      mustermann (~> 3.0)
      rack (>= 3.0.0, < 4)
      rack-protection (= 4.0.0)
      rack-session (>= 2.0.0, < 3)
      tilt (~> 2.0)
    tilt (2.3.0)

PLATFORMS
  ruby

DEPENDENCIES
  dotenv (~> 3.1.0)
  oj (~> 3.16, >= 3.16.3)
  parallel (~> 1.24.0)
  pg (~> 1.5, >= 1.5.6)
  puma (>= 5.0)
  sequel (~> 5.78.0)
  sinatra (~> 4.0.0)

RUBY VERSION
   ruby 3.3.0p0

BUNDLED WITH
   2.5.3
